PATH
  remote: .
  specs:
    jing (0.1.6)

GEM
  remote: https://rubygems.org/
  specs:
    rake (10.4.2)

PLATFORMS
  ruby

DEPENDENCIES
  bundler (~> 1.16)
  jing!
  rake (~> 10.0)

BUNDLED WITH
   1.16.2
